PATH
  remote: .
  specs:
    pango (1.1.3.2)
      cairo (>= 1.10.0)
      glib2 (>= 1.1.3)

GEM
  remote: https://rubygems.org/
  specs:
    cairo (1.12.6)
      pkg-config
    glib2 (1.2.1)
      pkg-config
    pkg-config (1.1.4)
    rake (0.9.2.2)
    rake-compiler (0.8.1)
      rake

PLATFORMS
  ruby

DEPENDENCIES
  pango!
  rake-compiler
